GEM
  remote: http://rubygems.org/
  specs:
    coderay (1.0.8)
    em-serialport (0.0.2)
      eventmachine (= 0.12.10)
      serialport
    eventmachine (0.12.10)
    method_source (0.8.1)
    pry (0.9.10)
      coderay (~> 1.0.5)
      method_source (~> 0.8)
      slop (~> 3.3.1)
    serialport (1.1.0)
    slop (3.3.3)
    smart_colored (1.1.1)

PLATFORMS
  ruby

DEPENDENCIES
  em-serialport
  eventmachine
  pry
  smart_colored
